PATH
  remote: .
  specs:
    ups (0.8.2)
      insensitive_hash (~> 0.3.3)
      levenshtein-ffi (~> 1.1)
      ox (~> 2.2, >= 2.2.0)
      typhoeus (~> 0.8.0)

GEM
  remote: http://rubygems.org/
  specs:
    codeclimate-test-reporter (0.4.7)
      simplecov (>= 0.7.1, < 1.0.0)
    docile (1.1.5)
    ethon (0.8.0)
      ffi (>= 1.3.0)
    ffi (1.9.10)
    insensitive_hash (0.3.3)
    json (1.8.3)
    levenshtein-ffi (1.1.0)
      ffi (~> 1.9)
    mini_portile (0.6.2)
    minitest (5.8.0)
    nokogiri (1.6.6.2)
      mini_portile (~> 0.6.0)
    ox (2.2.1)
    rake (10.4.2)
    simplecov (0.10.0)
      docile (~> 1.1.0)
      json (~> 1.8)
      simplecov-html (~> 0.10.0)
    simplecov-html (0.10.0)
    typhoeus (0.8.0)
      ethon (>= 0.8.0)

PLATFORMS
  ruby

DEPENDENCIES
  codeclimate-test-reporter
  minitest
  nokogiri
  rake
  ups!

BUNDLED WITH
   1.10.6
